PATH
  remote: .
  specs:
    gridcli (0.1.6)
      activeresource (~> 3.2)
      activesupport (~> 3.2)
      chronic (>= 0.6.4)
      colorize (>= 0.5.8)
      json (>= 1.6.1)

GEM
  remote: http://rubygems.org/
  specs:
    activemodel (3.2.15)
      activesupport (= 3.2.15)
      builder (~> 3.0.0)
    activeresource (3.2.15)
      activemodel (= 3.2.15)
      activesupport (= 3.2.15)
    activesupport (3.2.15)
      i18n (~> 0.6, >= 0.6.4)
      multi_json (~> 1.0)
    builder (3.0.4)
    chronic (0.10.2)
    colorize (0.6.0)
    i18n (0.6.5)
    json (1.8.1)
    multi_json (1.8.2)

PLATFORMS
  ruby

DEPENDENCIES
  gridcli!
